PATH
  remote: .
  specs:
    wsdirector (0.1.0)
      concurrent-ruby (= 1.0.5)
      concurrent-ruby-edge (= 0.3.1)
      concurrent-ruby-ext (= 1.0.5)
      dry-configurable (= 0.7.0)
      websocket-client-simple (= 0.3.0)

GEM
  remote: https://rubygems.org/
  specs:
    anyway_config (1.1.1)
    coderay (1.1.2)
    concurrent-ruby (1.0.5)
    concurrent-ruby-edge (0.3.1)
      concurrent-ruby (= 1.0.5)
    concurrent-ruby-ext (1.0.5)
      concurrent-ruby (= 1.0.5)
    diff-lcs (1.3)
    dry-configurable (0.7.0)
      concurrent-ruby (~> 1.0)
    event_emitter (0.2.6)
    litecable (0.5.0)
      anyway_config (~> 1.0)
    method_source (0.9.0)
    pry (0.11.1)
      coderay (~> 1.1.0)
      method_source (~> 0.9.0)
    puma (3.10.0)
    rake (10.5.0)
    rspec (3.7.0)
      rspec-core (~> 3.7.0)
      rspec-expectations (~> 3.7.0)
      rspec-mocks (~> 3.7.0)
    rspec-core (3.7.0)
      rspec-support (~> 3.7.0)
    rspec-expectations (3.7.0)
      diff-lcs (>= 1.2.0, < 2.0)
      rspec-support (~> 3.7.0)
    rspec-mocks (3.7.0)
      diff-lcs (>= 1.2.0, < 2.0)
      rspec-support (~> 3.7.0)
    rspec-support (3.7.0)
    websocket (1.2.4)
    websocket-client-simple (0.3.0)
      event_emitter
      websocket

PLATFORMS
  ruby

DEPENDENCIES
  bundler (~> 1.16.a)
  litecable
  pry
  puma
  rake (~> 10.0)
  rspec (~> 3.0)
  wsdirector!

BUNDLED WITH
   1.16.0.pre.3
